GIT
  remote: https://github.com/controlshift/oauth2.git
  revision: 1dbcdd2bff439cfab188220accc02b39c6bae5ba
  specs:
    oauth2 (1.3.0)
      faraday (>= 0.8, < 0.11)
      jwt (~> 1.0)
      multi_json (~> 1.3)
      multi_xml (~> 0.5)
      rack (>= 1.2, < 3)

GEM
  remote: http://rubygems.org/
  specs:
    activesupport (5.0.0)
      concurrent-ruby (~> 1.0, >= 1.0.2)
      i18n (~> 0.7)
      minitest (~> 5.1)
      tzinfo (~> 1.1)
    addressable (2.4.0)
    builder (3.2.2)
    byebug (9.0.5)
    concurrent-ruby (1.0.2)
    crack (0.4.3)
      safe_yaml (~> 1.0.0)
    descendants_tracker (0.0.4)
      thread_safe (~> 0.3, >= 0.3.1)
    diff-lcs (1.2.5)
    faraday (0.9.2)
      multipart-post (>= 1.2, < 3)
    git (1.3.0)
    github_api (0.14.2)
      addressable (~> 2.4.0)
      descendants_tracker (~> 0.0.4)
      faraday (~> 0.8, < 0.10)
      hashie (>= 3.4)
      oauth2
    hashdiff (0.3.0)
    hashie (3.4.6)
    highline (1.7.8)
    i18n (0.7.0)
    json (1.8.1)
    juwelier (2.1.3)
      builder
      bundler (>= 1.13)
      git (>= 1.2.5)
      github_api
      highline (>= 1.6.15)
      nokogiri (>= 1.5.10)
      rake
      rdoc
      semver
    jwt (1.5.6)
    mini_portile2 (2.1.0)
    minitest (5.9.0)
    multi_json (1.12.1)
    multi_xml (0.6.0)
    multipart-post (2.0.0)
    nokogiri (1.7.0.1)
      mini_portile2 (~> 2.1.0)
    rack (2.0.1)
    rake (12.0.0)
    rdoc (5.0.0)
    rspec (3.5.0)
      rspec-core (~> 3.5.0)
      rspec-expectations (~> 3.5.0)
      rspec-mocks (~> 3.5.0)
    rspec-core (3.5.1)
      rspec-support (~> 3.5.0)
    rspec-expectations (3.5.0)
      diff-lcs (>= 1.2.0, < 2.0)
      rspec-support (~> 3.5.0)
    rspec-mocks (3.5.0)
      diff-lcs (>= 1.2.0, < 2.0)
      rspec-support (~> 3.5.0)
    rspec-support (3.5.0)
    safe_yaml (1.0.4)
    semver (1.0.1)
    thread_safe (0.3.5)
    tzinfo (1.2.2)
      thread_safe (~> 0.1)
    webmock (2.1.0)
      addressable (>= 2.3.6)
      crack (>= 0.3.2)
      hashdiff

PLATFORMS
  ruby

DEPENDENCIES
  activesupport (> 3.0.0)
  bundler
  byebug
  json
  juwelier (~> 2.1.0)
  oauth2!
  rspec
  webmock

BUNDLED WITH
   1.13.7
